GEM
  remote: http://rubygems.org/
  specs:

PLATFORMS
  x86-mingw32

DEPENDENCIES
